GEM
  remote: https://rubygems.org/
  specs:
    activemodel (7.0.4.2)
      activesupport (= 7.0.4.2)
    activerecord (7.0.4.2)
      activemodel (= 7.0.4.2)
      activesupport (= 7.0.4.2)
    activesupport (7.0.4.2)
      concurrent-ruby (~> 1.0, >= 1.0.2)
      i18n (>= 1.6, < 2)
      minitest (>= 5.1)
      tzinfo (~> 2.0)
    cgi (0.3.6)
    coderay (1.1.3)
    concurrent-ruby (1.2.0)
    erb (4.0.2)
      cgi (>= 0.3.3)
    faker (3.1.0)
      i18n (>= 1.8.11, < 2)
    i18n (1.12.0)
      concurrent-ruby (~> 1.0)
    method_source (1.0.0)
    minitest (5.17.0)
    mysql2 (0.5.5)
    pry (0.14.2)
      coderay (~> 1.1)
      method_source (~> 1.0)
    tzinfo (2.0.6)
      concurrent-ruby (~> 1.0)
    yaml (0.2.1)

PLATFORMS
  x86_64-linux

DEPENDENCIES
  activerecord
  erb
  faker
  mysql2
  pry
  yaml

BUNDLED WITH
   2.4.5
